PATH
  remote: .
  specs:
    helloWorld (0.1.0)

GEM
  remote: https://rubygems.org/
  specs:
    colorize (0.8.1)
    concurrent-ruby (1.2.3)
    diff-lcs (1.5.1)
    faker (2.18.0)
      i18n (>= 1.6, < 2)
    i18n (1.14.1)
      concurrent-ruby (~> 1.0)
    rake (10.5.0)
    rspec (3.13.0)
      rspec-core (~> 3.13.0)
      rspec-expectations (~> 3.13.0)
      rspec-mocks (~> 3.13.0)
    rspec-core (3.13.0)
      rspec-support (~> 3.13.0)
    rspec-expectations (3.13.0)
      diff-lcs (>= 1.2.0, < 2.0)
      rspec-support (~> 3.13.0)
    rspec-mocks (3.13.0)
      diff-lcs (>= 1.2.0, < 2.0)
      rspec-support (~> 3.13.0)
    rspec-support (3.13.0)

PLATFORMS
  ruby

DEPENDENCIES
  bundler (~> 1.17)
  colorize (~> 0.8.1)
  faker (~> 2.18.0)
  helloWorld!
  rake (~> 10.0)
  rspec

BUNDLED WITH
   1.17.2
